GIT
  remote: https://github.com/rails/rails.git
  revision: ebcd7233ea1307448f2d97eaf56a8d303200e5f7
  branch: main
  specs:
    actioncable (7.1.0.beta1)
      actionpack (= 7.1.0.beta1)
      activesupport (= 7.1.0.beta1)
      nio4r (~> 2.0)
      websocket-driver (>= 0.6.1)
      zeitwerk (~> 2.6)
    actionmailbox (7.1.0.beta1)
      actionpack (= 7.1.0.beta1)
      activejob (= 7.1.0.beta1)
      activerecord (= 7.1.0.beta1)
      activestorage (= 7.1.0.beta1)
      activesupport (= 7.1.0.beta1)
      mail (>= 2.7.1)
      net-imap
      net-pop
      net-smtp
    actionmailer (7.1.0.beta1)
      actionpack (= 7.1.0.beta1)
      actionview (= 7.1.0.beta1)
      activejob (= 7.1.0.beta1)
      activesupport (= 7.1.0.beta1)
      mail (~> 2.5, >= 2.5.4)
      net-imap
      net-pop
      net-smtp
      rails-dom-testing (~> 2.2)
    actionpack (7.1.0.beta1)
      actionview (= 7.1.0.beta1)
      activesupport (= 7.1.0.beta1)
      nokogiri (>= 1.8.5)
      rack (>= 2.2.4)
      rack-session (>= 1.0.1)
      rack-test (>= 0.6.3)
      rails-dom-testing (~> 2.2)
      rails-html-sanitizer (~> 1.6)
    actiontext (7.1.0.beta1)
      actionpack (= 7.1.0.beta1)
      activerecord (= 7.1.0.beta1)
      activestorage (= 7.1.0.beta1)
      activesupport (= 7.1.0.beta1)
      globalid (>= 0.6.0)
      nokogiri (>= 1.8.5)
    actionview (7.1.0.beta1)
      activesupport (= 7.1.0.beta1)
      builder (~> 3.1)
      erubi (~> 1.11)
      rails-dom-testing (~> 2.2)
      rails-html-sanitizer (~> 1.6)
    activejob (7.1.0.beta1)
      activesupport (= 7.1.0.beta1)
      globalid (>= 0.3.6)
    activemodel (7.1.0.beta1)
      activesupport (= 7.1.0.beta1)
    activerecord (7.1.0.beta1)
      activemodel (= 7.1.0.beta1)
      activesupport (= 7.1.0.beta1)
      timeout (>= 0.4.0)
    activestorage (7.1.0.beta1)
      actionpack (= 7.1.0.beta1)
      activejob (= 7.1.0.beta1)
      activerecord (= 7.1.0.beta1)
      activesupport (= 7.1.0.beta1)
      marcel (~> 1.0)
    activesupport (7.1.0.beta1)
      base64
      bigdecimal
      concurrent-ruby (~> 1.0, >= 1.0.2)
      connection_pool (>= 2.2.5)
      drb
      i18n (>= 1.6, < 2)
      minitest (>= 5.1)
      mutex_m
      tzinfo (~> 2.0)
    rails (7.1.0.beta1)
      actioncable (= 7.1.0.beta1)
      actionmailbox (= 7.1.0.beta1)
      actionmailer (= 7.1.0.beta1)
      actionpack (= 7.1.0.beta1)
      actiontext (= 7.1.0.beta1)
      actionview (= 7.1.0.beta1)
      activejob (= 7.1.0.beta1)
      activemodel (= 7.1.0.beta1)
      activerecord (= 7.1.0.beta1)
      activestorage (= 7.1.0.beta1)
      activesupport (= 7.1.0.beta1)
      bundler (>= 1.15.0)
      railties (= 7.1.0.beta1)
    railties (7.1.0.beta1)
      actionpack (= 7.1.0.beta1)
      activesupport (= 7.1.0.beta1)
      irb
      rackup (>= 1.0.0)
      rake (>= 12.2)
      thor (~> 1.0, >= 1.2.2)
      zeitwerk (~> 2.6)

GEM
  remote: https://rubygems.org/
  specs:
    addressable (2.8.5)
      public_suffix (>= 2.0.2, < 6.0)
    annotate (3.2.0)
      activerecord (>= 3.2, < 8.0)
      rake (>= 10.4, < 14.0)
    autoprefixer-rails (10.4.15.0)
      execjs (~> 2)
    aws-eventstream (1.2.0)
    aws-partitions (1.825.0)
    aws-sdk-core (3.182.0)
      aws-eventstream (~> 1, >= 1.0.2)
      aws-partitions (~> 1, >= 1.651.0)
      aws-sigv4 (~> 1.5)
      jmespath (~> 1, >= 1.6.1)
    aws-sdk-kms (1.71.0)
      aws-sdk-core (~> 3, >= 3.177.0)
      aws-sigv4 (~> 1.1)
    aws-sdk-s3 (1.134.0)
      aws-sdk-core (~> 3, >= 3.181.0)
      aws-sdk-kms (~> 1)
      aws-sigv4 (~> 1.6)
    aws-sigv4 (1.6.0)
      aws-eventstream (~> 1, >= 1.0.2)
    base64 (0.1.1)
    bcrypt (3.1.19)
    bigdecimal (3.1.4)
    bindex (0.8.1)
    bootsnap (1.16.0)
      msgpack (~> 1.2)
    bootstrap (5.3.1)
      autoprefixer-rails (>= 9.1.0)
      popper_js (>= 2.11.8, < 3)
      sassc-rails (>= 2.0.0)
    braintree (4.13.0)
      builder (>= 3.2.4)
      rexml (>= 3.1.9)
    builder (3.2.4)
    cairo (1.17.8)
      native-package-installer (>= 1.0.3)
      pkg-config (>= 1.2.2)
      red-colors
    cairo-gobject (4.1.2)
      cairo (>= 1.16.2)
      glib2 (= 4.1.2)
    capybara (3.39.2)
      addressable
      matrix
      mini_mime (>= 0.1.3)
      nokogiri (~> 1.8)
      rack (>= 1.6.0)
      rack-test (>= 0.6.3)
      regexp_parser (>= 1.5, < 3.0)
      xpath (~> 3.2)
    concurrent-ruby (1.2.2)
    connection_pool (2.4.1)
    crass (1.0.6)
    cssbundling-rails (1.3.3)
      railties (>= 6.0.0)
    date (3.3.3)
    debug (1.8.0)
      irb (>= 1.5.0)
      reline (>= 0.3.1)
    declarative (0.0.20)
    devise (4.9.2)
      bcrypt (~> 3.0)
      orm_adapter (~> 0.1)
      railties (>= 4.1.0)
      responders
      warden (~> 1.2.3)
    drb (2.1.1)
      ruby2_keywords
    erb-formatter (0.4.3)
      syntax_tree (~> 6.0)
    error_highlight (0.5.1)
    erubi (1.12.0)
    execjs (2.9.1)
    faraday (2.7.11)
      base64
      faraday-net_http (>= 2.0, < 3.1)
      ruby2_keywords (>= 0.0.4)
    faraday-multipart (1.0.4)
      multipart-post (~> 2)
    faraday-net_http (3.0.2)
    ffi (1.15.5)
    fiddle (1.1.1)
    figaro (1.2.0)
      thor (>= 0.14.0, < 2)
    gems (1.2.0)
    gio2 (4.1.2)
      fiddle
      gobject-introspection (= 4.1.2)
    glib2 (4.1.2)
      native-package-installer (>= 1.0.3)
      pkg-config (>= 1.3.5)
    globalid (1.2.1)
      activesupport (>= 6.1)
    gobject-introspection (4.1.2)
      glib2 (= 4.1.2)
    google-api-client (0.53.0)
      google-apis-core (~> 0.1)
      google-apis-generator (~> 0.1)
    google-apis-core (0.11.1)
      addressable (~> 2.5, >= 2.5.1)
      googleauth (>= 0.16.2, < 2.a)
      httpclient (>= 2.8.1, < 3.a)
      mini_mime (~> 1.0)
      representable (~> 3.0)
      retriable (>= 2.0, < 4.a)
      rexml
      webrick
    google-apis-discovery_v1 (0.14.0)
      google-apis-core (>= 0.11.0, < 2.a)
    google-apis-generator (0.12.0)
      activesupport (>= 5.0)
      gems (~> 1.2)
      google-apis-core (>= 0.11.0, < 2.a)
      google-apis-discovery_v1 (~> 0.5)
      thor (>= 0.20, < 2.a)
    googleauth (1.8.0)
      faraday (>= 0.17.3, < 3.a)
      jwt (>= 1.4, < 3.0)
      multi_json (~> 1.11)
      os (>= 0.9, < 2.0)
      signet (>= 0.16, < 2.a)
    hotwire-rails (0.1.3)
      rails (>= 6.0.0)
      stimulus-rails
      turbo-rails
    httparty (0.21.0)
      mini_mime (>= 1.0.0)
      multi_xml (>= 0.5.2)
    httpclient (2.8.3)
    i18n (1.14.1)
      concurrent-ruby (~> 1.0)
    image_processing (1.12.2)
      mini_magick (>= 4.9.5, < 5)
      ruby-vips (>= 2.0.17, < 3)
    importmap-rails (1.2.1)
      actionpack (>= 6.0.0)
      railties (>= 6.0.0)
    io-console (0.6.0)
    irb (1.8.1)
      rdoc
      reline (>= 0.3.8)
    jbuilder (2.11.5)
      actionview (>= 5.0.0)
      activesupport (>= 5.0.0)
    jmespath (1.6.2)
    jsbundling-rails (1.2.1)
      railties (>= 6.0.0)
    json (2.6.3)
    jwt (2.7.1)
    language_server-protocol (3.17.0.3)
    loofah (2.21.3)
      crass (~> 1.0.2)
      nokogiri (>= 1.12.0)
    mail (2.8.1)
      mini_mime (>= 0.1.1)
      net-imap
      net-pop
      net-smtp
    marcel (1.0.2)
    matrix (0.4.2)
    mini_magick (4.12.0)
    mini_mime (1.1.5)
    minitest (5.20.0)
    msgpack (1.7.2)
    multi_json (1.15.0)
    multi_xml (0.6.0)
    multipart-post (2.3.0)
    mutex_m (0.1.2)
    native-package-installer (1.1.5)
    net-imap (0.3.7)
      date
      net-protocol
    net-pop (0.1.2)
      net-protocol
    net-protocol (0.2.1)
      timeout
    net-smtp (0.3.3)
      net-protocol
    nio4r (2.5.9)
    nokogiri (1.15.4-x86_64-darwin)
      racc (~> 1.4)
    nokogiri (1.15.4-x86_64-linux)
      racc (~> 1.4)
    orm_adapter (0.5.0)
    os (1.1.4)
    pg (1.5.4)
    pkg-config (1.5.1)
    popper_js (2.11.8)
    poppler (4.1.2)
      cairo-gobject (= 4.1.2)
      gio2 (= 4.1.2)
    postmark (1.24.1)
      json
    postmark-rails (0.22.1)
      actionmailer (>= 3.0.0)
      postmark (>= 1.21.3, < 2.0)
    prettier_print (1.2.1)
    psych (5.1.0)
      stringio
    public_suffix (5.0.3)
    puma (6.3.1)
      nio4r (~> 2.0)
    racc (1.7.1)
    rack (3.0.8)
    rack-session (2.0.0)
      rack (>= 3.0.0)
    rack-test (2.1.0)
      rack (>= 1.3)
    rackup (2.1.0)
      rack (>= 3)
      webrick (~> 1.8)
    rails-dom-testing (2.2.0)
      activesupport (>= 5.0.0)
      minitest
      nokogiri (>= 1.6)
    rails-html-sanitizer (1.6.0)
      loofah (~> 2.21)
      nokogiri (~> 1.14)
    rake (13.0.6)
    rdoc (6.5.0)
      psych (>= 4.0.0)
    red-colors (0.3.0)
      matrix
    redis (5.0.7)
      redis-client (>= 0.9.0)
    redis-client (0.17.0)
      connection_pool
    regexp_parser (2.8.1)
    reline (0.3.8)
      io-console (~> 0.5)
    representable (3.2.0)
      declarative (< 0.1.0)
      trailblazer-option (>= 0.1.1, < 0.2.0)
      uber (< 0.2.0)
    responders (3.1.0)
      actionpack (>= 5.2)
      railties (>= 5.2)
    retriable (3.1.2)
    rexml (3.2.6)
    ruby-lsp (0.10.1)
      language_server-protocol (~> 3.17.0)
      sorbet-runtime
      syntax_tree (>= 6.1.1, < 7)
      yarp (>= 0.11, < 0.12)
    ruby-lsp-rails (0.2.5)
      rails (>= 6.0)
      ruby-lsp (>= 0.10.0, < 0.11.0)
      sorbet-runtime (>= 0.5.9897)
    ruby-openai (5.1.0)
      faraday (>= 1)
      faraday-multipart (>= 1)
    ruby-vips (2.1.4)
      ffi (~> 1.12)
    ruby2_keywords (0.0.5)
    rubyzip (2.3.2)
    sassc (2.4.0)
      ffi (~> 1.9)
    sassc-rails (2.1.2)
      railties (>= 4.0.0)
      sassc (>= 2.0)
      sprockets (> 3.0)
      sprockets-rails
      tilt
    selenium-webdriver (4.12.0)
      rexml (~> 3.2, >= 3.2.5)
      rubyzip (>= 1.2.2, < 3.0)
      websocket (~> 1.0)
    sidekiq (7.1.4)
      concurrent-ruby (< 2)
      connection_pool (>= 2.3.0)
      rack (>= 2.2.4)
      redis-client (>= 0.14.0)
    signet (0.18.0)
      addressable (~> 2.8)
      faraday (>= 0.17.5, < 3.a)
      jwt (>= 1.5, < 3.0)
      multi_json (~> 1.10)
    simple_form (5.2.0)
      actionpack (>= 5.2)
      activemodel (>= 5.2)
    sorbet-runtime (0.5.11026)
    sprockets (4.2.1)
      concurrent-ruby (~> 1.0)
      rack (>= 2.2.4, < 4)
    sprockets-rails (3.4.2)
      actionpack (>= 5.2)
      activesupport (>= 5.2)
      sprockets (>= 3.0.0)
    stimulus-rails (1.2.2)
      railties (>= 6.0.0)
    stringio (3.0.8)
    syntax_tree (6.2.0)
      prettier_print (>= 1.2.0)
    thor (1.2.2)
    tilt (2.3.0)
    timeout (0.4.0)
    trailblazer-option (0.1.2)
    turbo-rails (1.4.0)
      actionpack (>= 6.0.0)
      activejob (>= 6.0.0)
      railties (>= 6.0.0)
    tzinfo (2.0.6)
      concurrent-ruby (~> 1.0)
    uber (0.1.0)
    warden (1.2.9)
      rack (>= 2.0.9)
    web-console (4.2.1)
      actionview (>= 6.0.0)
      activemodel (>= 6.0.0)
      bindex (>= 0.4.0)
      railties (>= 6.0.0)
    webrick (1.8.1)
    websocket (1.2.9)
    websocket-driver (0.7.6)
      websocket-extensions (>= 0.1.0)
    websocket-extensions (0.1.5)
    xpath (3.2.0)
      nokogiri (~> 1.8)
    yarp (0.11.0)
    zeitwerk (2.6.11)

PLATFORMS
  x86_64-darwin-22
  x86_64-linux

DEPENDENCIES
  annotate
  aws-sdk-s3
  bootsnap
  bootstrap (~> 5.3.1)
  braintree (~> 4.5)
  capybara
  cssbundling-rails
  debug
  devise (~> 4.9)
  erb-formatter
  error_highlight (>= 0.4.0)
  figaro
  gobject-introspection (~> 4.1)
  google-api-client (~> 0.9)
  hotwire-rails
  httparty (~> 0.21.0)
  image_processing (~> 1.2)
  importmap-rails
  jbuilder
  jsbundling-rails (~> 1.2)
  pg (~> 1.1)
  poppler
  postmark-rails
  puma (>= 5.0)
  rails!
  redis (>= 4.0.1)
  ruby-lsp-rails
  ruby-openai (~> 5.1)
  selenium-webdriver
  sidekiq (~> 7.1)
  simple_form
  sprockets-rails
  stimulus-rails
  turbo-rails
  tzinfo-data
  web-console

RUBY VERSION
   ruby 3.1.1p18

BUNDLED WITH
   2.4.17
